GEM
  remote: https://rubygems.org/
  specs:
    amq-protocol (1.9.2)
    bunny (1.1.9)
      amq-protocol (>= 1.9.2)
    json (1.8.1-java)
    rake (10.3.2)
    redstorm (0.7.0.beta1)
      rake

PLATFORMS
  java

DEPENDENCIES
  bunny (~> 1.1.0)
  json
  redstorm (= 0.7.0.beta1)
